GEM
  remote: http://rubygems.org/
  specs:
    rack (1.6.12)
    rack-rewrite (1.5.1)

PLATFORMS
  ruby

DEPENDENCIES
  rack
  rack-rewrite (~> 1.5)
